GEM
  remote: https://rubygems.org/
  specs:
    json (1.8.1)
    kgio (2.9.2)
    mina (0.3.1)
      open4 (~> 1.3.4)
      rake
    mina-unicorn (0.0.3)
    open4 (1.3.4)
    rack (1.5.2)
    rack-protection (1.5.3)
      rack
    raindrops (0.13.0)
    rake (10.4.2)
    shotgun (0.9)
      rack (>= 1.0)
    sinatra (1.4.5)
      rack (~> 1.4)
      rack-protection (~> 1.4)
      tilt (~> 1.3, >= 1.3.4)
    slack-notifier (1.0.0)
    tilt (1.4.1)
    unicorn (4.8.3)
      kgio (~> 2.6)
      rack
      raindrops (~> 0.7)

PLATFORMS
  ruby

DEPENDENCIES
  json
  mina
  mina-unicorn
  shotgun
  sinatra
  slack-notifier
  unicorn
